PATH
  remote: .
  specs:
    synaccess_connect (0.2.2)
      nokogiri (> 1.6)

GEM
  remote: https://rubygems.org/
  specs:
    addressable (2.3.5)
    crack (0.4.2)
      safe_yaml (~> 1.0.0)
    diff-lcs (1.3)
    mini_portile (0.5.2)
    nokogiri (1.6.1)
      mini_portile (~> 0.5.0)
    rspec (3.6.0)
      rspec-core (~> 3.6.0)
      rspec-expectations (~> 3.6.0)
      rspec-mocks (~> 3.6.0)
    rspec-core (3.6.0)
      rspec-support (~> 3.6.0)
    rspec-expectations (3.6.0)
      diff-lcs (>= 1.2.0, < 2.0)
      rspec-support (~> 3.6.0)
    rspec-mocks (3.6.0)
      diff-lcs (>= 1.2.0, < 2.0)
      rspec-support (~> 3.6.0)
    rspec-support (3.6.0)
    safe_yaml (1.0.1)
    vcr (2.8.0)
    webmock (1.15.2)
      addressable (>= 2.2.7)
      crack (>= 0.3.2)

PLATFORMS
  ruby

DEPENDENCIES
  rspec (> 2.99)
  synaccess_connect!
  vcr (~> 2.8.0)
  webmock (< 1.16)

BUNDLED WITH
   1.15.1
